PATH
  remote: .
  specs:
    sewer (0.0.1)
      activesupport (>= 4.0.0)

GEM
  remote: https://rubygems.org/
  specs:
    activesupport (4.0.0)
      i18n (~> 0.6, >= 0.6.4)
      minitest (~> 4.2)
      multi_json (~> 1.3)
      thread_safe (~> 0.1)
      tzinfo (~> 0.3.37)
    ansi (1.4.3)
    atomic (1.1.10)
    coderay (1.0.9)
    ffi (1.9.0)
    formatador (0.2.4)
    growl (1.0.3)
    guard (1.8.1)
      formatador (>= 0.2.4)
      listen (>= 1.0.0)
      lumberjack (>= 1.0.2)
      pry (>= 0.9.10)
      thor (>= 0.14.6)
    guard-minitest (1.0.1)
      guard (>= 1.8)
      minitest (>= 2.1)
    i18n (0.6.4)
    listen (1.2.2)
      rb-fsevent (>= 0.9.3)
      rb-inotify (>= 0.9)
      rb-kqueue (>= 0.2)
    lumberjack (1.0.4)
    method_source (0.8.1)
    minitest (4.7.5)
    multi_json (1.7.7)
    pry (0.9.12.2)
      coderay (~> 1.0.5)
      method_source (~> 0.8)
      slop (~> 3.4)
    rake (10.1.0)
    rb-fsevent (0.9.3)
    rb-inotify (0.9.0)
      ffi (>= 0.5.0)
    rb-kqueue (0.2.0)
      ffi (>= 0.5.0)
    slop (3.4.6)
    thor (0.18.1)
    thread_safe (0.1.2)
      atomic
    turn (0.9.6)
      ansi
    tzinfo (0.3.37)

PLATFORMS
  ruby

DEPENDENCIES
  growl
  guard
  guard-minitest
  minitest
  rake
  sewer!
  turn
